GEM
  remote: http://rubygems.org/
  specs:
    aaronh-chronic (0.3.9)
    abstract (1.0.0)
    actionmailer (3.0.6)
      actionpack (= 3.0.6)
      mail (~> 2.2.15)
    actionpack (3.0.6)
      activemodel (= 3.0.6)
      activesupport (= 3.0.6)
      builder (~> 2.1.2)
      erubis (~> 2.6.6)
      i18n (~> 0.5.0)
      rack (~> 1.2.1)
      rack-mount (~> 0.6.14)
      rack-test (~> 0.5.7)
      tzinfo (~> 0.3.23)
    activemodel (3.0.6)
      activesupport (= 3.0.6)
      builder (~> 2.1.2)
      i18n (~> 0.5.0)
    activerecord (3.0.6)
      activemodel (= 3.0.6)
      activesupport (= 3.0.6)
      arel (~> 2.0.2)
      tzinfo (~> 0.3.23)
    activeresource (3.0.6)
      activemodel (= 3.0.6)
      activesupport (= 3.0.6)
    activesupport (3.0.6)
    apirunner (0.5.5)
      aaronh-chronic (~> 0.3.9)
      json (~> 1.4.6)
      nokogiri (~> 1.4.3.1)
    archive-tar-minitar (0.5.2)
    arel (2.0.9)
    bcrypt-ruby (2.1.4)
    breadcrumbs_on_rails (1.0.1)
    builder (2.1.2)
    columnize (0.3.2)
    devise (1.2.1)
      bcrypt-ruby (~> 2.1.2)
      orm_adapter (~> 0.0.3)
      warden (~> 1.0.3)
    erubis (2.6.6)
      abstract (>= 1.0.0)
    factory_girl (1.3.3)
    factory_girl_rails (1.0.1)
      factory_girl (~> 1.3)
      railties (>= 3.0.0)
    fakeweb (1.3.0)
    haml (3.0.25)
    hpricot (0.8.4)
    i18n (0.5.0)
    jquery-rails (0.2.7)
      rails (~> 3.0)
      thor (~> 0.14.4)
    json (1.4.6)
    linecache19 (0.5.12)
      ruby_core_source (>= 0.1.4)
    mail (2.2.15)
      activesupport (>= 2.3.6)
      i18n (>= 0.4.0)
      mime-types (~> 1.16)
      treetop (~> 1.4.8)
    mime-types (1.16)
    mocha (0.9.12)
    nokogiri (1.4.3.1)
    orm_adapter (0.0.4)
    pg (0.10.1)
    polyglot (0.3.1)
    rack (1.2.2)
    rack-mount (0.6.14)
      rack (>= 1.0.0)
    rack-test (0.5.7)
      rack (>= 1.0)
    rails (3.0.6)
      actionmailer (= 3.0.6)
      actionpack (= 3.0.6)
      activerecord (= 3.0.6)
      activeresource (= 3.0.6)
      activesupport (= 3.0.6)
      bundler (~> 1.0)
      railties (= 3.0.6)
    railties (3.0.6)
      actionpack (= 3.0.6)
      activesupport (= 3.0.6)
      rake (>= 0.8.7)
      thor (~> 0.14.4)
    rake (0.8.7)
    redis (2.2.0)
    redis-namespace (0.10.0)
      redis (< 3.0.0)
    resque (1.15.0)
      json (~> 1.4.6)
      redis-namespace (>= 0.10.0)
      sinatra (>= 0.9.2)
      vegas (~> 0.1.2)
    resque-scheduler (2.0.0.d)
      redis (>= 2.0.1)
      resque (>= 1.8.0)
      rufus-scheduler
    resque_unit (0.3.6)
      json (~> 1.4.6)
    ruby-debug-base19 (0.11.25)
      columnize (>= 0.3.1)
      linecache19 (>= 0.5.11)
      ruby_core_source (>= 0.1.4)
    ruby-debug19 (0.11.6)
      columnize (>= 0.3.1)
      linecache19 (>= 0.5.11)
      ruby-debug-base19 (>= 0.11.19)
    ruby_core_source (0.1.5)
      archive-tar-minitar (>= 0.5.2)
    ruby_parser (2.0.6)
      sexp_processor (~> 3.0)
    rufus-scheduler (2.0.8)
      tzinfo (>= 0.3.23)
    sexp_processor (3.0.5)
    shoulda (2.11.3)
    silent-postgres (0.0.7)
    simplecov (0.4.2)
      simplecov-html (~> 0.4.4)
    simplecov-html (0.4.4)
    sinatra (1.2.3)
      rack (~> 1.1)
      tilt (>= 1.2.2, < 2.0)
    sqlite3 (1.3.3)
    thor (0.14.6)
    tilt (1.2.2)
    treetop (1.4.9)
      polyglot (>= 0.3.1)
    tzinfo (0.3.26)
    vegas (0.1.8)
      rack (>= 1.0.0)
    warden (1.0.3)
      rack (>= 1.0.0)

PLATFORMS
  ruby

DEPENDENCIES
  apirunner
  breadcrumbs_on_rails (= 1.0.1)
  devise (= 1.2.1)
  factory_girl_rails (~> 1.0.1)
  fakeweb
  haml (= 3.0.25)
  hpricot (= 0.8.4)
  jquery-rails (= 0.2.7)
  mocha (~> 0.9.12)
  pg (= 0.10.1)
  rails (= 3.0.6)
  resque (= 1.15.0)
  resque-scheduler (= 2.0.0.d)
  resque_unit
  ruby-debug19 (~> 0.11.6)
  ruby_parser (= 2.0.6)
  shoulda (~> 2.11.3)
  silent-postgres (~> 0.0.7)
  simplecov (~> 0.4.1)
  sqlite3 (= 1.3.3)
